GEM
  remote: http://rubygems.org/
  specs:
    actionmailer (2.3.9)
      actionpack (= 2.3.9)
    actionpack (2.3.9)
      activesupport (= 2.3.9)
      rack (~> 1.1.0)
    activerecord (2.3.9)
      activesupport (= 2.3.9)
    activeresource (2.3.9)
      activesupport (= 2.3.9)
    activesupport (2.3.9)
    fast_gettext (0.5.10)
    gettext (2.1.0)
      locale (>= 2.0.5)
    i18n_data (0.2.7)
      activesupport
    locale (2.0.5)
    rack (1.1.0)
    rails (2.3.9)
      actionmailer (= 2.3.9)
      actionpack (= 2.3.9)
      activerecord (= 2.3.9)
      activeresource (= 2.3.9)
      activesupport (= 2.3.9)
      rake (>= 0.8.3)
    rake (0.8.7)
    rspec (1.3.1)
    rspec-rails (1.3.3)
      rack (>= 1.0.0)
      rspec (= 1.3.1)
    sqlite3-ruby (1.3.2)

PLATFORMS
  ruby

DEPENDENCIES
  fast_gettext (>= 0.4.8)
  gettext
  i18n_data
  rails (= 2.3.9)
  rspec (~> 1)
  rspec-rails (~> 1)
  sqlite3-ruby
